GEM
  remote: https://rubygems.org/
  specs:
    builder (3.2.2)
    chronic (0.10.2)
    colorize (0.7.7)

PLATFORMS
  ruby

DEPENDENCIES
  builder (= 3.2.2)
  chronic (= 0.10.2)
  colorize (= 0.7.7)

BUNDLED WITH
   1.11.2
